PATH
  remote: .
  specs:
    will_announce (0.0.1)

GEM
  remote: http://rubygems.org/
  specs:
    rake (10.4.2)
    rspec (0.9.4)

PLATFORMS
  ruby

DEPENDENCIES
  bundler (~> 1.7)
  rake (~> 10.0)
  rspec
  will_announce!
